GEM
  remote: https://rubygems.org/
  specs:
    coderay (1.1.0)
    colorator (0.1)
    ffi (1.9.10)
    gettext (3.1.7)
      locale (>= 2.0.5)
      text (>= 1.3.0)
    jekyll (3.0.0)
      colorator (~> 0.1)
      jekyll-sass-converter (~> 1.0)
      jekyll-watch (~> 1.1)
      kramdown (~> 1.3)
      liquid (~> 3.0)
      mercenary (~> 0.3.3)
      rouge (~> 1.7)
      safe_yaml (~> 1.0)
    jekyll-sass-converter (1.3.0)
      sass (~> 3.2)
    jekyll-task-i18n (1.0.1)
      gettext (>= 3.1.1)
      yard
    jekyll-watch (1.3.0)
      listen (~> 3.0)
    kramdown (1.9.0)
    liquid (3.0.6)
    listen (3.0.4)
      rb-fsevent (>= 0.9.3)
      rb-inotify (>= 0.9)
    locale (2.1.2)
    mercenary (0.3.5)
    rake (10.4.2)
    rb-fsevent (0.9.6)
    rb-inotify (0.9.5)
      ffi (>= 0.5.0)
    rouge (1.10.1)
    safe_yaml (1.0.4)
    sass (3.4.19)
    text (1.3.1)
    yard (0.8.7.6)

PLATFORMS
  ruby

DEPENDENCIES
  coderay
  jekyll
  jekyll-task-i18n
  kramdown
  rake
  yard

BUNDLED WITH
   1.10.6
