GEM
  remote: https://rubygems.org/
  specs:
    coderay (1.1.0)
    gettext (3.1.0)
      locale (>= 2.0.5)
      text
    locale (2.1.0)
    rake (10.1.1)
    text (1.2.3)
    yard (0.8.7.3)

PLATFORMS
  ruby

DEPENDENCIES
  coderay
  gettext (>= 3.1.0)
  rake
  yard
